GIT
  remote: git://github.com/stormpath/stormpath-sdk-ruby.git
  revision: fa68406420b70446926fbf613d7612fdafd3ca3b
  branch: development
  specs:
    stormpath-sdk (0.4.0)
      activesupport (>= 3.2.8)
      httpclient (>= 2.2.5)
      java_properties
      multi_json (>= 1.3.6)
      properties-ruby (~> 0.0.4)
      uuidtools (>= 2.1.3)

GEM
  remote: https://rubygems.org/
  specs:
    activesupport (3.2.13)
      i18n (= 0.6.1)
      multi_json (~> 1.0)
    httpclient (2.3.3)
    i18n (0.6.1)
    java_properties (0.0.4)
    logeasy (0.0.8)
    multi_json (1.7.2)
    properties-ruby (0.0.4)
      logeasy (>= 0.0.4)
    uuidtools (2.1.4)

PLATFORMS
  ruby

DEPENDENCIES
  stormpath-sdk!
