GIT
  remote: git://github.com/stormpath/stormpath-omniauth
  revision: bfcbb37593d831d5fd159d7df2059453e194eb77
  branch: development
  specs:
    stormpath-omniauth (0.0.1)
      bcrypt-ruby (~> 3.0)
      omniauth (~> 1.0)

GIT
  remote: git://github.com/stormpath/stormpath-sdk-ruby.git
  revision: 8e21a647b2943c1b7a9b4ba688ea1a615f44fee7
  branch: development
  specs:
    stormpath-sdk (0.5.1.SNAPSHOT)
      activesupport (>= 3.2.8)
      httpclient (>= 2.2.5)
      java_properties
      multi_json (>= 1.3.6)
      properties-ruby (~> 0.0.4)
      uuidtools (>= 2.1.3)

GEM
  remote: https://rubygems.org/
  specs:
    activesupport (3.2.13)
      i18n (= 0.6.1)
      multi_json (~> 1.0)
    bcrypt-ruby (3.0.1)
    coderay (1.0.9)
    columnize (0.3.6)
    debugger (1.6.0)
      columnize (>= 0.3.1)
      debugger-linecache (~> 1.2.0)
      debugger-ruby_core_source (~> 1.2.1)
    debugger-linecache (1.2.0)
    debugger-ruby_core_source (1.2.2)
    hashie (2.0.5)
    httpclient (2.3.3)
    i18n (0.6.1)
    java_properties (0.0.4)
    logeasy (0.0.8)
    method_source (0.8.1)
    multi_json (1.7.3)
    omniauth (1.1.4)
      hashie (>= 1.2, < 3)
      rack
    properties-ruby (0.0.4)
      logeasy (>= 0.0.4)
    pry (0.9.12.2)
      coderay (~> 1.0.5)
      method_source (~> 0.8)
      slop (~> 3.4)
    pry-debugger (0.2.2)
      debugger (~> 1.3)
      pry (~> 0.9.10)
    rack (1.5.2)
    rack-flash3 (1.0.3)
      rack
    rack-protection (1.5.0)
      rack
    sinatra (1.4.2)
      rack (~> 1.5, >= 1.5.2)
      rack-protection (~> 1.4)
      tilt (~> 1.3, >= 1.3.4)
    slop (3.4.5)
    tilt (1.4.1)
    uuidtools (2.1.4)

PLATFORMS
  ruby

DEPENDENCIES
  pry
  pry-debugger
  rack-flash3
  sinatra
  stormpath-omniauth!
  stormpath-sdk!
