GIT
  remote: git://github.com/stormpath/stormpath-omniauth
  revision: 03e9ef8176ff46b4ad849d48b558264deaefc892
  branch: development
  specs:
    stormpath-omniauth (1.0.0.beta.2)
      bcrypt-ruby (~> 3.0)
      omniauth (~> 1.0)
      stormpath-sdk (= 1.0.0.beta.2)

GIT
  remote: git://github.com/stormpath/stormpath-sdk-ruby.git
  revision: 9fd50482fba10474071b257a0fdc62af4bda0d17
  branch: development
  specs:
    stormpath-sdk (1.0.0.beta.2)
      activesupport (>= 3.2.8)
      httpclient (>= 2.2.5)
      java_properties
      multi_json (>= 1.3.6)
      properties-ruby (~> 0.0.4)
      uuidtools (>= 2.1.3)

GEM
  remote: https://rubygems.org/
  specs:
    activesupport (4.0.0)
      i18n (~> 0.6, >= 0.6.4)
      minitest (~> 4.2)
      multi_json (~> 1.3)
      thread_safe (~> 0.1)
      tzinfo (~> 0.3.37)
    atomic (1.1.12)
    bcrypt-ruby (3.1.1)
    coderay (1.0.9)
    columnize (0.3.6)
    debugger (1.6.1)
      columnize (>= 0.3.1)
      debugger-linecache (~> 1.2.0)
      debugger-ruby_core_source (~> 1.2.3)
    debugger-linecache (1.2.0)
    debugger-ruby_core_source (1.2.3)
    hashie (2.0.5)
    httpclient (2.3.4.1)
    i18n (0.6.5)
    java_properties (0.0.4)
    logeasy (0.0.8)
    method_source (0.8.2)
    minitest (4.7.5)
    multi_json (1.7.9)
    omniauth (1.1.4)
      hashie (>= 1.2, < 3)
      rack
    properties-ruby (0.0.4)
      logeasy (>= 0.0.4)
    pry (0.9.12.2)
      coderay (~> 1.0.5)
      method_source (~> 0.8)
      slop (~> 3.4)
    pry-debugger (0.2.2)
      debugger (~> 1.3)
      pry (~> 0.9.10)
    rack (1.5.2)
    rack-flash3 (1.0.3)
      rack
    rack-protection (1.5.0)
      rack
    sinatra (1.4.3)
      rack (~> 1.4)
      rack-protection (~> 1.4)
      tilt (~> 1.3, >= 1.3.4)
    slop (3.4.6)
    thread_safe (0.1.2)
      atomic
    tilt (1.4.1)
    tzinfo (0.3.37)
    uuidtools (2.1.4)

PLATFORMS
  ruby

DEPENDENCIES
  pry
  pry-debugger
  rack-flash3
  sinatra
  stormpath-omniauth!
  stormpath-sdk!
